GEM
  remote: https://rubygems.org/
  remote: https://gem.fury.io/cebucodecamp/
  remote: https://gem.fury.io/nlevel/
  specs:
    cableguy (0.5.1.pre11)
      sequel
      sqlite3
      thor
    docker_task (0.1.3.pre1)
      rake
    dotenv (2.2.1)
    rake (12.3.0)
    sequel (5.3.0)
    sqlite3 (1.3.13)
    thor (0.20.0)

PLATFORMS
  ruby

DEPENDENCIES
  cableguy (= 0.5.1.pre11)!
  docker_task (= 0.1.3.pre1)!
  dotenv
  thor

BUNDLED WITH
   1.16.0
